GEM
  remote: https://rubygems.org/
  specs:
    bindata (2.4.2)
    bson (4.3.0)
    colorize (0.8.1)
    mongo (2.4.3)
      bson (>= 4.2.1, < 5.0.0)
    net-ssh (4.1.0)
    net-tns (1.1.3)
      bindata (~> 2.0)
    netaddr (1.5.1)
    redis (4.0.1)
    ruby-mysql (2.9.14)
    ruby-progressbar (1.8.3)
    ruby_smb (0.0.18)
      bindata
      rubyntlm
      windows_error
    rubyntlm (0.6.2)
    threadpool (0.1.2)
    tiny_tds (2.1.1)
    windows_error (0.1.2)

PLATFORMS
  ruby

DEPENDENCIES
  colorize (~> 0.8.1)!
  mongo (~> 2.4.3)!
  net-ssh (~> 4.1.0)!
  net-tns (~> 1.1.3)!
  netaddr (~> 1.5.1)!
  redis (~> 4.0.1)!
  ruby-mysql (~> 2.9.14)!
  ruby-progressbar (~> 1.8.1)!
  ruby_smb (~> 0.0.12)!
  threadpool (~> 0.1.2)!
  tiny_tds (~> 2.1.1)!

BUNDLED WITH
   1.15.4
